GEM
  specs:
    colorizr (0.0.1)
    minitest (5.8.4)

PLATFORMS
  ruby

DEPENDENCIES
  colorizr
  minitest

BUNDLED WITH
   1.11.2
