GEM
  specs:
    minitest (5.8.4)

PLATFORMS
  ruby

DEPENDENCIES
  minitest

BUNDLED WITH
   1.11.2
